GEM
  remote: https://rubygems.org/
  specs:
    fxruby (1.6.34)
      mini_portile (~> 0.6)
    mini_portile (0.6.2)

PLATFORMS
  ruby

DEPENDENCIES
  fxruby (~> 1.6, >= 1.6.34)

RUBY VERSION
   ruby 2.3.1p112

BUNDLED WITH
   1.12.5
